GIT
  remote: git://github.com/indirect/staticmatic.git
  revision: 88059f4
  specs:
    staticmatic (0.11.0.alpha.8)
      compass (>= 0.10.0)
      haml (>= 2.0.0)
      rack (>= 1.0)

GEM
  remote: http://rubygems.org/
  specs:
    compass (0.10.0)
      haml (>= 3.0.0)
    haml (3.0.0)
    oniguruma (1.1.0)
    plist (3.1.0)
    rack (1.2.1)
    textpow (0.10.1)
      oniguruma (>= 1.1.0)
      plist (>= 3.0.0)
    ultraviolet (0.10.2)
      textpow (>= 0.10.0)

PLATFORMS
  ruby

DEPENDENCIES
  compass (= 0.10.0)
  haml (= 3.0.0)
  staticmatic (= 0.11.0.alpha.8)!
  ultraviolet
