GEM
  remote: http://rubygems.org/
  specs:
    compass (0.10.5)
      haml (>= 3.0.4)
    haml (3.0.21)
    hpricot (0.8.2)
    mustache (0.11.2)
    oniguruma (1.1.0)
    plist (3.1.0)
    rack (1.2.1)
    rdiscount (1.6.5)
    ronn (0.7.3)
      hpricot (>= 0.8.2)
      mustache (>= 0.7.0)
      rdiscount (>= 1.5.8)
    staticmatic (0.11.1)
      compass (>= 0.10.0)
      haml (>= 2.0.0)
      rack (>= 1.0)
    textpow (0.10.1)
      oniguruma (>= 1.1.0)
      plist (>= 3.0.0)
    ultraviolet (0.10.2)
      textpow (>= 0.10.0)

PLATFORMS
  ruby

DEPENDENCIES
  compass (~> 0.10.0)
  haml (~> 3.0.0)
  ronn
  staticmatic (~> 0.11)
  ultraviolet
